STORAGE: NONE
RESTRICTION: == net8.0
NUGET
  remote: https://api.nuget.org/v3/index.json
    BlackFox.VsWhere (1.1)
      FSharp.Core (>= 4.2.3)
      Microsoft.Win32.Registry (>= 4.7)
    Expecto (10.2.1)
      FSharp.Core (>= 7.0.200)
      Mono.Cecil (>= 0.11.4 < 1.0)
    Fable.AST (4.5)
    Fable.Browser.Blob (1.4)
      Fable.Core (>= 3.2.8)
      FSharp.Core (>= 4.7.2)
    Fable.Browser.Dom (2.17)
      Fable.Browser.Blob (>= 1.4)
      Fable.Browser.Event (>= 1.6)
      Fable.Browser.WebStorage (>= 1.3)
      Fable.Core (>= 3.2.8)
      FSharp.Core (>= 4.7.2)
    Fable.Browser.Event (1.6)
      Fable.Browser.Gamepad (>= 1.3)
      Fable.Core (>= 3.2.8)
      FSharp.Core (>= 4.7.2)
    Fable.Browser.Gamepad (1.3)
      Fable.Core (>= 3.2.8)
      FSharp.Core (>= 4.7.2)
    Fable.Browser.Svg (2.4)
      Fable.Browser.Dom (>= 2.16)
      Fable.Core (>= 3.2.8)
      FSharp.Core (>= 4.7.2)
    Fable.Browser.WebStorage (1.3)
      Fable.Browser.Event (>= 1.6)
      Fable.Core (>= 3.2.8)
      FSharp.Core (>= 4.7.2)
    Fable.Browser.XMLHttpRequest (1.4)
      Fable.Browser.Blob (>= 1.4)
      Fable.Browser.Event (>= 1.6)
      Fable.Core (>= 3.2.8)
      FSharp.Core (>= 4.7.2)
    Fable.Core (4.3)
    Fable.Elmish (4.2)
      Fable.Core (>= 3.7.1)
      FSharp.Core (>= 4.7.2)
    Fable.Elmish.Debugger (4.1)
      Fable.Elmish (>= 4.2)
      FSharp.Core (>= 6.0.7)
      Thoth.Json (>= 6.0)
    Fable.Elmish.HMR (7.0)
      Fable.Core (>= 3.7.1)
      Fable.Elmish.React (>= 4.0)
      FSharp.Core (>= 4.7.2)
    Fable.Elmish.React (4.0)
      Fable.Elmish (>= 4.0)
      Fable.ReactDom.Types (>= 18.0)
      FSharp.Core (>= 4.7.2)
    Fable.Mocha (2.17)
      Fable.Core (>= 3.0)
      FSharp.Core (>= 4.7)
    Fable.Parsimmon (4.1)
      Fable.Core (>= 3.0)
      FSharp.Core (>= 4.6.2)
    Fable.React.Types (18.3)
      Fable.Browser.Dom (>= 2.4.4)
      Fable.Core (>= 3.2.7)
      FSharp.Core (>= 4.7.2)
    Fable.ReactDom.Types (18.2)
      Fable.React.Types (>= 18.3)
      FSharp.Core (>= 4.7.2)
    Fable.Remoting.Client (7.32)
      Fable.Browser.XMLHttpRequest (>= 1.0)
      Fable.Core (>= 3.1.5)
      Fable.Remoting.MsgPack (>= 1.24)
      Fable.SimpleJson (>= 3.24)
      FSharp.Core (>= 4.7.2)
    Fable.Remoting.MsgPack (1.24)
      FSharp.Core (>= 4.7.2)
    Fable.SimpleJson (3.24)
      Fable.Core (>= 3.1.5)
      Fable.Parsimmon (>= 4.0)
      FSharp.Core (>= 4.7)
    Fable.SimpleXml (3.4)
      Fable.Core (>= 3.0)
      Fable.Parsimmon (>= 4.1)
      FSharp.Core (>= 4.6.2)
    Fake.Core.CommandLineParsing (6.1.3)
      FParsec (>= 1.1.1)
      FSharp.Core (>= 8.0.301)
    Fake.Core.Context (6.1.3)
      FSharp.Core (>= 8.0.301)
    Fake.Core.Environment (6.1.3)
      FSharp.Core (>= 8.0.301)
    Fake.Core.FakeVar (6.1.3)
      Fake.Core.Context (>= 6.1.3)
      FSharp.Core (>= 8.0.301)
    Fake.Core.Process (6.1.3)
      Fake.Core.Environment (>= 6.1.3)
      Fake.Core.FakeVar (>= 6.1.3)
      Fake.Core.String (>= 6.1.3)
      Fake.Core.Trace (>= 6.1.3)
      Fake.IO.FileSystem (>= 6.1.3)
      FSharp.Core (>= 8.0.301)
      System.Collections.Immutable (>= 8.0)
    Fake.Core.ReleaseNotes (6.1.3)
      Fake.Core.SemVer (>= 6.1.3)
      Fake.Core.String (>= 6.1.3)
      FSharp.Core (>= 8.0.301)
    Fake.Core.SemVer (6.1.3)
      FSharp.Core (>= 8.0.301)
    Fake.Core.String (6.1.3)
      FSharp.Core (>= 8.0.301)
    Fake.Core.Target (6.1.3)
      Fake.Core.CommandLineParsing (>= 6.1.3)
      Fake.Core.Context (>= 6.1.3)
      Fake.Core.Environment (>= 6.1.3)
      Fake.Core.FakeVar (>= 6.1.3)
      Fake.Core.Process (>= 6.1.3)
      Fake.Core.String (>= 6.1.3)
      Fake.Core.Trace (>= 6.1.3)
      FSharp.Control.Reactive (>= 5.0.2)
      FSharp.Core (>= 8.0.301)
    Fake.Core.Tasks (6.1.3)
      Fake.Core.Trace (>= 6.1.3)
      FSharp.Core (>= 8.0.301)
    Fake.Core.Trace (6.1.3)
      Fake.Core.Environment (>= 6.1.3)
      Fake.Core.FakeVar (>= 6.1.3)
      FSharp.Core (>= 8.0.301)
    Fake.Core.UserInput (6.1.3)
      FSharp.Core (>= 8.0.301)
    Fake.Core.Xml (6.1.3)
      Fake.Core.String (>= 6.1.3)
      FSharp.Core (>= 8.0.301)
    Fake.DotNet.Cli (6.1.3)
      Fake.Core.Environment (>= 6.1.3)
      Fake.Core.Process (>= 6.1.3)
      Fake.Core.String (>= 6.1.3)
      Fake.Core.Trace (>= 6.1.3)
      Fake.DotNet.MSBuild (>= 6.1.3)
      Fake.DotNet.NuGet (>= 6.1.3)
      Fake.IO.FileSystem (>= 6.1.3)
      FSharp.Core (>= 8.0.301)
      Mono.Posix.NETStandard (>= 1.0)
      Newtonsoft.Json (>= 13.0.3)
    Fake.DotNet.MSBuild (6.1.3)
      BlackFox.VsWhere (>= 1.1)
      Fake.Core.Environment (>= 6.1.3)
      Fake.Core.Process (>= 6.1.3)
      Fake.Core.String (>= 6.1.3)
      Fake.Core.Trace (>= 6.1.3)
      Fake.IO.FileSystem (>= 6.1.3)
      FSharp.Core (>= 8.0.301)
      MSBuild.StructuredLogger (>= 2.1.815)
    Fake.DotNet.NuGet (6.1.3)
      Fake.Core.Environment (>= 6.1.3)
      Fake.Core.Process (>= 6.1.3)
      Fake.Core.SemVer (>= 6.1.3)
      Fake.Core.String (>= 6.1.3)
      Fake.Core.Tasks (>= 6.1.3)
      Fake.Core.Trace (>= 6.1.3)
      Fake.Core.Xml (>= 6.1.3)
      Fake.IO.FileSystem (>= 6.1.3)
      Fake.Net.Http (>= 6.1.3)
      FSharp.Core (>= 8.0.301)
      Newtonsoft.Json (>= 13.0.3)
      NuGet.Protocol (>= 6.10.1)
    Fake.IO.FileSystem (6.1.3)
      Fake.Core.String (>= 6.1.3)
      Fake.Core.Trace (>= 6.1.3)
      FSharp.Core (>= 8.0.301)
    Fake.Net.Http (6.1.3)
      Fake.Core.Trace (>= 6.1.3)
      FSharp.Core (>= 8.0.301)
    Fake.Tools.Git (6.1.3)
      Fake.Core.Environment (>= 6.1.3)
      Fake.Core.Process (>= 6.1.3)
      Fake.Core.SemVer (>= 6.1.3)
      Fake.Core.String (>= 6.1.3)
      Fake.Core.Trace (>= 6.1.3)
      Fake.IO.FileSystem (>= 6.1.3)
      FSharp.Core (>= 8.0.301)
    Feliz (2.8)
      Fable.ReactDom.Types (>= 18.2)
      Feliz.CompilerPlugins (>= 2.2)
      FSharp.Core (>= 4.7.2)
    Feliz.Bulma (3.0)
      Feliz (>= 2.4)
      FSharp.Core (>= 4.7.2)
    Feliz.CompilerPlugins (2.2)
      Fable.AST (>= 4.2.1)
      FSharp.Core (>= 4.7.2)
    Feliz.DaisyUI (4.2.1)
      Feliz (>= 2.7)
      FSharp.Core (>= 4.7.2)
    Feliz.Markdown (2.4)
      Feliz (>= 2.4)
      FSharp.Core (>= 4.7.2)
    Feliz.QRCode (0.2.6)
      Fable.Browser.Svg (>= 2.3)
      Feliz (>= 2.7)
    Feliz.Router (4.0)
      Fable.Elmish (>= 4.0)
      Feliz (>= 2.3)
      FSharp.Core (>= 4.7.2)
    Feliz.UseElmish (2.5)
      Fable.Elmish (>= 4.0)
      FSharp.Core (>= 4.7.2)
    FParsec (1.1.1)
      FSharp.Core (>= 4.3.4)
    FSharp.Control.Reactive (5.0.5)
      FSharp.Core (>= 4.7.2)
      System.Reactive (>= 5.0 < 6.0)
    FSharp.Core (8.0.401)
    Microsoft.Build.Framework (17.11.4)
    Microsoft.Build.Utilities.Core (17.11.4)
      Microsoft.Build.Framework (>= 17.11.4)
      Microsoft.NET.StringTools (>= 17.11.4)
      System.Collections.Immutable (>= 8.0)
      System.Configuration.ConfigurationManager (>= 8.0)
    Microsoft.NET.StringTools (17.11.4)
    Microsoft.Win32.Registry (5.0)
      System.Security.AccessControl (>= 5.0)
      System.Security.Principal.Windows (>= 5.0)
    Mono.Cecil (0.11.6)
    Mono.Posix.NETStandard (1.0)
    MSBuild.StructuredLogger (2.2.356)
      Microsoft.Build.Framework (>= 17.5)
      Microsoft.Build.Utilities.Core (>= 17.5)
    Newtonsoft.Json (13.0.3)
    NuGet.Common (6.11.1)
      NuGet.Frameworks (>= 6.11.1)
    NuGet.Configuration (6.11.1)
      NuGet.Common (>= 6.11.1)
      System.Security.Cryptography.ProtectedData (>= 4.4)
    NuGet.Frameworks (6.11.1)
    NuGet.Packaging (6.11.1)
      Newtonsoft.Json (>= 13.0.3)
      NuGet.Configuration (>= 6.11.1)
      NuGet.Versioning (>= 6.11.1)
      System.Security.Cryptography.Pkcs (>= 6.0.4)
    NuGet.Protocol (6.11.1)
      NuGet.Packaging (>= 6.11.1)
    NuGet.Versioning (6.11.1)
    System.Collections.Immutable (8.0)
    System.Configuration.ConfigurationManager (8.0.1)
      System.Diagnostics.EventLog (>= 8.0.1)
      System.Security.Cryptography.ProtectedData (>= 8.0)
    System.Diagnostics.EventLog (8.0.1)
    System.Reactive (5.0)
    System.Security.AccessControl (6.0.1)
    System.Security.Cryptography.Pkcs (8.0.1)
    System.Security.Cryptography.ProtectedData (8.0)
    System.Security.Principal.Windows (5.0)
    Thoth.Json (10.2)
      Fable.Core (>= 3.6.2)
      FSharp.Core (>= 4.7.2)

GROUP Package
RESTRICTION: == netstandard2.0
NUGET
  remote: https://api.nuget.org/v3/index.json
    Fable.AST (4.5)
    Fable.Browser.Blob (1.4)
      Fable.Core (>= 3.2.8)
      FSharp.Core (>= 4.7.2)
    Fable.Browser.Dom (2.17)
      Fable.Browser.Blob (>= 1.4)
      Fable.Browser.Event (>= 1.6)
      Fable.Browser.WebStorage (>= 1.3)
      Fable.Core (>= 3.2.8)
      FSharp.Core (>= 4.7.2)
    Fable.Browser.Event (1.6)
      Fable.Browser.Gamepad (>= 1.3)
      Fable.Core (>= 3.2.8)
      FSharp.Core (>= 4.7.2)
    Fable.Browser.Gamepad (1.3)
      Fable.Core (>= 3.2.8)
      FSharp.Core (>= 4.7.2)
    Fable.Browser.Svg (2.4)
      Fable.Browser.Dom (>= 2.16)
      Fable.Core (>= 3.2.8)
      FSharp.Core (>= 4.7.2)
    Fable.Browser.WebStorage (1.3)
      Fable.Browser.Event (>= 1.6)
      Fable.Core (>= 3.2.8)
      FSharp.Core (>= 4.7.2)
    Fable.Core (4.3)
    Fable.React.Types (18.3)
      Fable.Browser.Dom (>= 2.4.4)
      Fable.Core (>= 3.2.7)
      FSharp.Core (>= 4.7.2)
    Fable.ReactDom.Types (18.2)
      Fable.React.Types (>= 18.3)
      FSharp.Core (>= 4.7.2)
    Feliz (2.8)
      Fable.ReactDom.Types (>= 18.2)
      Feliz.CompilerPlugins (>= 2.2)
      FSharp.Core (>= 4.7.2)
    Feliz.CompilerPlugins (2.2)
      Fable.AST (>= 4.2.1)
      FSharp.Core (>= 4.7.2)
    FSharp.Core (8.0.401)
